PATH
  remote: .
  specs:
    ccc (0.1.0)
      activesupport
      color_echo
      ruby_bitbankcc (= 0.1.3)
      websocket-client-simple
      zaif (= 0.0.2)

GEM
  remote: https://rubygems.org/
  specs:
    activesupport (5.1.4)
      concurrent-ruby (~> 1.0, >= 1.0.2)
      i18n (~> 0.7)
      minitest (~> 5.1)
      tzinfo (~> 1.1)
    byebug (9.1.0)
    coderay (1.1.2)
    color_echo (3.1.1)
    concurrent-ruby (1.0.5)
    domain_name (0.5.20170404)
      unf (>= 0.0.5, < 1.0.0)
    event_emitter (0.2.6)
    http-cookie (1.0.3)
      domain_name (~> 0.5)
    i18n (0.9.3)
      concurrent-ruby (~> 1.0)
    method_source (0.9.0)
    mime-types (3.1)
      mime-types-data (~> 3.2015)
    mime-types-data (3.2016.0521)
    minitest (5.11.3)
    netrc (0.11.0)
    pry (0.11.3)
      coderay (~> 1.1.0)
      method_source (~> 0.9.0)
    pry-byebug (3.5.1)
      byebug (~> 9.1)
      pry (~> 0.10)
    rake (10.5.0)
    rest-client (2.0.2)
      http-cookie (>= 1.0.2, < 2.0)
      mime-types (>= 1.16, < 4.0)
      netrc (~> 0.8)
    ruby_bitbankcc (0.1.3)
      activesupport
      rest-client
    thread_safe (0.3.6)
    tzinfo (1.2.4)
      thread_safe (~> 0.1)
    unf (0.1.4)
      unf_ext
    unf_ext (0.0.7.4)
    websocket (1.2.5)
    websocket-client-simple (0.3.0)
      event_emitter
      websocket
    zaif (0.0.2)

PLATFORMS
  ruby

DEPENDENCIES
  bundler (~> 1.14)
  ccc!
  pry-byebug
  rake (~> 10.0)

BUNDLED WITH
   1.14.4
